GEM
  remote: https://rubygems.org/
  specs:
    ast (2.4.0)
    coveralls (0.8.23)
      json (>= 1.8, < 3)
      simplecov (~> 0.16.1)
      term-ansicolor (~> 1.3)
      thor (>= 0.19.4, < 2.0)
      tins (~> 1.6)
    daemons (1.3.1)
    docile (1.3.2)
    eventmachine (1.2.7)
    jaro_winkler (1.5.4)
    json (2.3.0)
    minitest (5.13.0)
    parallel (1.19.1)
    parser (2.7.0.1)
      ast (~> 2.4.0)
    rack (2.0.8)
    rainbow (3.0.0)
    rake (13.0.1)
    rubocop (0.78.0)
      jaro_winkler (~> 1.5.1)
      parallel (~> 1.10)
      parser (>= 2.6)
      rainbow (>= 2.2.2, < 4.0)
      ruby-progressbar (~> 1.7)
      unicode-display_width (>= 1.4.0, < 1.7)
    ruby-progressbar (1.10.1)
    simplecov (0.16.1)
      docile (~> 1.1)
      json (>= 1.8, < 3)
      simplecov-html (~> 0.10.0)
    simplecov-html (0.10.2)
    term-ansicolor (1.7.1)
      tins (~> 1.0)
    thin (1.7.2)
      daemons (~> 1.0, >= 1.0.9)
      eventmachine (~> 1.0, >= 1.0.4)
      rack (>= 1, < 3)
    thor (1.0.1)
    tins (1.22.2)
    unicode-display_width (1.6.0)

PLATFORMS
  ruby

DEPENDENCIES
  coveralls
  minitest
  rack
  rake
  rubocop
  thin

BUNDLED WITH
   1.17.3
